GEM
  remote: https://rubygems.org/
  specs:
    jekyll-paginate (1.1.0)
    jekyll-sitemap (0.10.0)

PLATFORMS
  ruby

DEPENDENCIES
  jekyll-paginate
  jekyll-sitemap

BUNDLED WITH
   1.17.2
